GIT
  remote: https://github.com/capistrano/rbenv
  revision: 65db3295752d079bf8cf874dab36b16ab45454b7
  specs:
    capistrano-rbenv (2.1.1)
      capistrano (~> 3.1)
      sshkit (~> 1.3)

GIT
  remote: https://github.com/envato/geoip2
  revision: b23eff08b8285c76d8b387a346e2ab6fac189667
  specs:
    maxmind_geoip2 (0.0.8)

GIT
  remote: https://github.com/galo2099/activerecord-diff.git
  revision: 99fd640be784df0473a7a08756aa9ab861385cc5
  specs:
    activerecord-diff (0.0.0)
      activerecord
      activesupport

GIT
  remote: https://github.com/galo2099/acts_as_versioned.git
  revision: e9ee2346799ef900a97b97070e7026dbeb65b1da
  specs:
    acts_as_versioned (0.6.0)
      activerecord (>= 3.0.0)

GIT
  remote: https://github.com/galo2099/acts_as_versioned_association
  revision: 8c74ad20db472b1fad7826a63e53d444264595ee
  specs:
    acts_as_versioned_association (0.0.0)

GIT
  remote: https://github.com/galo2099/gettext_i18n_rails
  revision: eed81cad7f6166236c2d0f3f0027da621ff90917
  specs:
    gettext_i18n_rails (1.0.5)
      fast_gettext (>= 0.4.8)

GIT
  remote: https://github.com/galo2099/google_ajax_libraries_api
  revision: fc2d21df28b76b4b9ec6125c917cd86a71a96d78
  specs:
    google_ajax_libraries_api (0.0.0)

GIT
  remote: https://github.com/galo2099/jquery_datepicker
  revision: 7671bdf58ae6a0f268b511a35acea2759756cd66
  specs:
    jquery_datepicker (0.3.2)

GIT
  remote: https://github.com/kimkong/userstamp.git
  revision: fd117e34c1a9988d348b3792bc0eccc266b73753
  specs:
    userstamp (2.0.2)

GIT
  remote: https://github.com/ndbradley730/open_id_authentication
  revision: 59edb6e36b3c0e2d4e8eb2e81e2edeac97fa380c
  branch: controllermethods_name_error
  specs:
    open_id_authentication (1.1.0)
      rack-openid (~> 1.3)

GIT
  remote: https://github.com/rails/prototype-rails
  revision: 0fed929ff48c10c3b978edd3baa983a81f404dbf
  branch: 4.2
  specs:
    prototype-rails (4.0.0)
      rails (~> 4.0)

GIT
  remote: https://github.com/rails/prototype_legacy_helper.git
  revision: a2cd95c3e3c1a4f7a9566efdab5ce59c886cb05f
  specs:
    prototype_legacy_helper (0.0.0)

GIT
  remote: https://github.com/wr0ngway/graylog2_exceptions.git
  revision: 797924acd1aa89852605230812d8cfd27da90969
  specs:
    graylog2_exceptions (1.3.0)
      gelf (~> 1.3)

GIT
  remote: https://github.com/zquestz/omniauth-google-oauth2
  revision: b783d3b1b89646fbd46af37bc9799501fbfcfa59
  specs:
    omniauth-google-oauth2 (0.6.0)
      jwt (>= 2.0)
      omniauth (>= 1.1.1)
      omniauth-oauth2 (>= 1.5)

GEM
  remote: http://rubygems.org/
  specs:
    actionmailer (4.2.7.1)
      actionpack (= 4.2.7.1)
      actionview (= 4.2.7.1)
      activejob (= 4.2.7.1)
      mail (~> 2.5, >= 2.5.4)
      rails-dom-testing (~> 1.0, >= 1.0.5)
    actionpack (4.2.7.1)
      actionview (= 4.2.7.1)
      activesupport (= 4.2.7.1)
      rack (~> 1.6)
      rack-test (~> 0.6.2)
      rails-dom-testing (~> 1.0, >= 1.0.5)
      rails-html-sanitizer (~> 1.0, >= 1.0.2)
    actionview (4.2.7.1)
      activesupport (= 4.2.7.1)
      builder (~> 3.1)
      erubis (~> 2.7.0)
      rails-dom-testing (~> 1.0, >= 1.0.5)
      rails-html-sanitizer (~> 1.0, >= 1.0.2)
    activejob (4.2.7.1)
      activesupport (= 4.2.7.1)
      globalid (>= 0.3.0)
    activemodel (4.2.7.1)
      activesupport (= 4.2.7.1)
      builder (~> 3.1)
    activerecord (4.2.7.1)
      activemodel (= 4.2.7.1)
      activesupport (= 4.2.7.1)
      arel (~> 6.0)
    activesupport (4.2.7.1)
      i18n (~> 0.7)
      json (~> 1.7, >= 1.7.7)
      minitest (~> 5.1)
      thread_safe (~> 0.3, >= 0.3.4)
      tzinfo (~> 1.1)
    airbrussh (1.1.1)
      sshkit (>= 1.6.1, != 1.7.0)
    arel (6.0.3)
    aws-sdk (2.6.0)
      aws-sdk-resources (= 2.6.0)
    aws-sdk-core (2.6.0)
      jmespath (~> 1.0)
    aws-sdk-resources (2.6.0)
      aws-sdk-core (= 2.6.0)
    builder (3.2.2)
    cancan (1.6.10)
    capistrano (3.6.1)
      airbrussh (>= 1.0.0)
      capistrano-harrow
      i18n
      rake (>= 10.0.0)
      sshkit (>= 1.9.0)
    capistrano-bundler (1.1.4)
      capistrano (~> 3.1)
      sshkit (~> 1.2)
    capistrano-harrow (0.5.3)
    capistrano-rails (1.1.8)
      capistrano (~> 3.1)
      capistrano-bundler (~> 1.1)
    climate_control (0.0.3)
      activesupport (>= 3.0)
    cocaine (0.5.8)
      climate_control (>= 0.0.3, < 1.0)
    concurrent-ruby (1.0.2)
    daemons (1.2.4)
    dynamic_form (1.1.4)
    erubis (2.7.0)
    eventmachine (1.2.0.1)
    exception_notification (4.2.1)
      actionmailer (>= 4.0, < 6)
      activesupport (>= 4.0, < 6)
    execjs (2.7.0)
    faraday (0.15.4)
      multipart-post (>= 1.2, < 3)
    fast_gettext (1.2.0)
    gelf (1.4.0)
      json
    gettext (3.2.2)
      locale (>= 2.0.5)
      text (>= 1.3.0)
    globalid (0.3.7)
      activesupport (>= 4.1.0)
    graylog2-resque (0.5.1)
      gelf
      resque
    hashie (3.6.0)
    hpricot (0.8.6)
    httparty (0.14.0)
      multi_xml (>= 0.5.2)
    i18n (0.7.0)
    jmespath (1.3.1)
    jquery-rails (4.2.1)
      rails-dom-testing (>= 1, < 3)
      railties (>= 4.2.0)
      thor (>= 0.14, < 2.0)
    json (1.8.3)
    jwt (2.1.0)
    locale (2.1.2)
    loofah (2.0.3)
      nokogiri (>= 1.5.9)
    mail (2.6.4)
      mime-types (>= 1.16, < 4)
    mime-types (3.1)
      mime-types-data (~> 3.2015)
    mime-types-data (3.2016.0521)
    mimemagic (0.3.2)
    mini_portile2 (2.1.0)
    minitest (5.9.0)
    mono_logger (1.1.0)
    multi_json (1.13.1)
    multi_xml (0.6.0)
    multipart-post (2.0.0)
    mysql2 (0.4.10)
    net-scp (1.2.1)
      net-ssh (>= 2.6.5)
    net-ssh (3.2.0)
    newrelic_rpm (3.16.2.321)
    nokogiri (1.6.8)
      mini_portile2 (~> 2.1.0)
      pkg-config (~> 1.1.7)
    oauth2 (1.4.1)
      faraday (>= 0.8, < 0.16.0)
      jwt (>= 1.0, < 3.0)
      multi_json (~> 1.3)
      multi_xml (~> 0.5)
      rack (>= 1.2, < 3)
    omniauth (1.9.0)
      hashie (>= 3.4.6, < 3.7.0)
      rack (>= 1.6.2, < 3)
    omniauth-oauth2 (1.6.0)
      oauth2 (~> 1.1)
      omniauth (~> 1.9)
    open4 (1.3.4)
    paperclip (5.1.0)
      activemodel (>= 4.2.0)
      activesupport (>= 4.2.0)
      cocaine (~> 0.5.5)
      mime-types
      mimemagic (~> 0.3.0)
    pkg-config (1.1.7)
    quilt (0.1.0)
    rack (1.6.11)
    rack-openid (1.4.2)
      rack (>= 1.1.0)
      ruby-openid (>= 2.1.8)
    rack-protection (1.5.3)
      rack
    rack-test (0.6.3)
      rack (>= 1.0)
    rails (4.2.7.1)
      actionmailer (= 4.2.7.1)
      actionpack (= 4.2.7.1)
      actionview (= 4.2.7.1)
      activejob (= 4.2.7.1)
      activemodel (= 4.2.7.1)
      activerecord (= 4.2.7.1)
      activesupport (= 4.2.7.1)
      bundler (>= 1.3.0, < 2.0)
      railties (= 4.2.7.1)
      sprockets-rails
    rails-deprecated_sanitizer (1.0.3)
      activesupport (>= 4.2.0.alpha)
    rails-dom-testing (1.0.7)
      activesupport (>= 4.2.0.beta, < 5.0)
      nokogiri (~> 1.6.0)
      rails-deprecated_sanitizer (>= 1.0.1)
    rails-html-sanitizer (1.0.3)
      loofah (~> 2.0)
    railties (4.2.7.1)
      actionpack (= 4.2.7.1)
      activesupport (= 4.2.7.1)
      rake (>= 0.8.7)
      thor (>= 0.18.1, < 2.0)
    rake (11.2.2)
    redis (3.3.1)
    redis-namespace (1.5.2)
      redis (~> 3.0, >= 3.0.4)
    resque (1.26.0)
      mono_logger (~> 1.0)
      multi_json (~> 1.0)
      redis-namespace (~> 1.3)
      sinatra (>= 0.9.2)
      vegas (~> 0.1.2)
    rmagick (2.16.0)
    ruby-openid (2.7.0)
    rufus-scheduler (3.2.2)
    sinatra (1.4.7)
      rack (~> 1.5)
      rack-protection (~> 1.4)
      tilt (>= 1.3, < 3)
    sprockets (3.7.0)
      concurrent-ruby (~> 1.0)
      rack (> 1, < 3)
    sprockets-rails (2.3.3)
      actionpack (>= 3.0)
      activesupport (>= 3.0)
      sprockets (>= 2.8, < 4.0)
    sqlite3 (1.3.11)
    sshkit (1.11.3)
      net-scp (>= 1.1.2)
      net-ssh (>= 2.8.0)
    text (1.3.1)
    thor (0.19.1)
    thread_safe (0.3.5)
    tilt (2.0.5)
    tzinfo (1.2.2)
      thread_safe (~> 0.1)
    uglifier (3.0.2)
      execjs (>= 0.3.0, < 3)
    vegas (0.1.11)
      rack (>= 1.0.0)
    will_paginate (3.1.0)
    wirble (0.1.3)

PLATFORMS
  ruby

DEPENDENCIES
  activerecord-diff!
  acts_as_versioned!
  acts_as_versioned_association (= 0.0.0)!
  aws-sdk
  cancan
  capistrano (~> 3)
  capistrano-bundler
  capistrano-rails
  capistrano-rbenv!
  daemons
  dynamic_form
  eventmachine
  exception_notification
  gelf
  gettext
  gettext_i18n_rails!
  google_ajax_libraries_api (= 0.0.0)!
  graylog2-resque
  graylog2_exceptions!
  hpricot
  httparty
  jquery-rails
  jquery_datepicker!
  maxmind_geoip2!
  mysql2 (~> 0.4.10)
  newrelic_rpm
  omniauth-google-oauth2!
  open4
  open_id_authentication!
  paperclip
  prototype-rails!
  prototype_legacy_helper (= 0.0.0)!
  quilt
  rails (~> 4)
  rmagick
  rufus-scheduler
  sprockets (~> 3)
  sprockets-rails (~> 2)
  sqlite3
  uglifier
  userstamp!
  will_paginate
  wirble

BUNDLED WITH
   1.17.3
